GEM
  remote: http://rubygems.org/
  specs:
    diff-lcs (1.1.3)
    rcov (0.9.11)
    rspec (2.4.0)
      rspec-core (~> 2.4.0)
      rspec-expectations (~> 2.4.0)
      rspec-mocks (~> 2.4.0)
    rspec-core (2.4.0)
    rspec-expectations (2.4.0)
      diff-lcs (~> 1.1.2)
    rspec-mocks (2.4.0)

PLATFORMS
  ruby

DEPENDENCIES
  bundler (~> 1.0.0)
  rcov
  rspec (~> 2.4.0)
